GEM
  remote: https://rubygems.org/
  specs:
    pdf-core (0.7.0)
    pdf-toolkit (1.1.0)
    prawn (2.2.2)
      pdf-core (~> 0.7.0)
      ttfunk (~> 1.5)
    ttfunk (1.6.2.1)

PLATFORMS
  ruby

DEPENDENCIES
  pdf-toolkit
  prawn

BUNDLED WITH
   2.1.4
